GEM
  remote: https://rubygems.org/
  specs:
    concurrent-ruby (1.3.4)
    connection_pool (2.5.0)
    logger (1.6.2)
    net-http-persistent (4.0.5)
      connection_pool (~> 2.2)
    ostruct (0.6.0)

PLATFORMS
  arm64-darwin-23
  ruby

DEPENDENCIES
  concurrent-ruby (~> 1.2)
  logger
  net-http-persistent
  ostruct

BUNDLED WITH
   2.5.22
